PATH
  remote: .
  specs:
    aapl_tracker (0.1.0)
      colorize
      nokogiri

GEM
  remote: https://rubygems.org/
  specs:
    coderay (1.1.3)
    colorize (0.8.1)
    method_source (1.0.0)
    mini_portile2 (2.4.0)
    nokogiri (1.10.9)
      mini_portile2 (~> 2.4.0)
    pry (0.13.1)
      coderay (~> 1.1)
      method_source (~> 1.0)
    rake (12.3.3)

PLATFORMS
  ruby

DEPENDENCIES
  aapl_tracker!
  bundler (~> 2.0)
  pry
  rake (~> 12.0)

BUNDLED WITH
   2.1.4
